PATH
  remote: .
  specs:
    portkey_parallax_header (0.1.0)

GEM
  remote: https://rubygems.org/
  specs:
    rake (12.0.0)

PLATFORMS
  ruby

DEPENDENCIES
  portkey_parallax_header!
  rake

BUNDLED WITH
   1.14.6
